GEM
  remote: http://rubygems.org/
  specs:
    color (1.4.1)
    dalli (2.6.2)
    diff-lcs (1.2.3)
    json (1.7.7)
    newrelic_rpm (3.5.8.70)
    rack (1.5.2)
    rack-protection (1.5.0)
      rack
    rack-test (0.6.2)
      rack (>= 1.0)
    rspec (2.13.0)
      rspec-core (~> 2.13.0)
      rspec-expectations (~> 2.13.0)
      rspec-mocks (~> 2.13.0)
    rspec-core (2.13.1)
    rspec-expectations (2.13.0)
      diff-lcs (>= 1.1.3, < 2.0)
    rspec-mocks (2.13.1)
    sinatra (1.4.2)
      rack (~> 1.5, >= 1.5.2)
      rack-protection (~> 1.4)
      tilt (~> 1.3, >= 1.3.4)
    tilt (1.3.7)

PLATFORMS
  ruby

DEPENDENCIES
  color
  dalli (~> 2.6)
  json
  newrelic_rpm
  rack-test
  rspec
  sinatra
