PATH
  remote: vendor/gems
  specs:
    c_cloud_dms_client (0.1.1)
      c_cloud_http_client
    c_cloud_http_client (0.1.0)

GEM
  remote: http://rubygems.org/
  remote: http://gem.carecloud.com/
  specs:
    activemodel (3.2.17)
      activesupport (= 3.2.17)
      builder (~> 3.0.0)
    activesupport (3.2.17)
      i18n (~> 0.6, >= 0.6.4)
      multi_json (~> 1.0)
    api-auth (1.3.1)
    awesome_print (1.6.1)
    aws-sdk (2.0.39)
      aws-sdk-resources (= 2.0.39)
    aws-sdk-core (2.0.39)
      builder (~> 3.0)
      jmespath (~> 1.0)
      multi_json (~> 1.0)
    aws-sdk-resources (2.0.39)
      aws-sdk-core (= 2.0.39)
    binding_of_caller (0.7.2)
      debug_inspector (>= 0.0.1)
    bond (0.4.3)
    bson (1.10.0)
    bson_ext (1.10.0)
      bson (~> 1.10.0)
    builder (3.0.4)
    byebug (9.0.5)
    care_cloud-core (0.0.8)
      aws-sdk (~> 2.0.39)
    care_cloud-queue (0.0.2)
      care_cloud-core (~> 0.0.8)
    care_cloud-storage (0.0.9)
      care_cloud-core (~> 0.0.8)
    cc_auth (0.8.0)
      api-auth (~> 1.3)
      dalli-elasticache (~> 0.1)
      faraday (~> 0.9)
    chronic (0.10.2)
    coderay (1.1.0)
    color (1.5.1)
    concurrent-ruby (1.0.4)
    dalli (2.7.6)
    dalli-elasticache (0.2.0)
      dalli (>= 1.0.0)
    debug_inspector (0.0.2)
    diff-lcs (1.2.5)
    domain_name (0.5.20161129)
      unf (>= 0.0.5, < 1.0.0)
    dotenv (2.1.1)
    facets (3.1.0)
    faraday (0.9.1)
      multipart-post (>= 1.2, < 3)
    fdb_client (0.2.6)
      activesupport (~> 3.2.17)
      facets
      rest-client (~> 1.6)
      stoplight (~> 1.1)
    health_check (0.3.3)
    http-cookie (1.0.3)
      domain_name (~> 0.5)
    i18n (0.7.0)
    interception (0.5)
    jbuilder (2.2.6)
      activesupport (>= 3.0.0, < 5)
      multi_json (~> 1.2)
    jmespath (1.0.2)
      multi_json (~> 1.0)
    json (1.8.1)
    log4r (1.1.10)
    method_source (0.8.2)
    mime-types (2.99.3)
    mongo (1.10.0)
      bson (~> 1.10.0)
    mongo_mapper (0.12.0)
      activemodel (~> 3.0)
      activesupport (~> 3.0)
      plucky (~> 0.5.2)
    multi_json (1.12.1)
    multipart-post (2.0.0)
    netrc (0.11.0)
    newrelic_rpm (3.12.0.288)
    oj (2.10.0)
    plucky (0.5.2)
      mongo (~> 1.5)
    pry (0.10.1)
      coderay (~> 1.1.0)
      method_source (~> 0.8.1)
      slop (~> 3.4)
    pry-byebug (3.4.0)
      byebug (~> 9.0)
      pry (~> 0.10)
    pry-rescue (1.4.2)
      interception (>= 0.5)
      pry
    pry-stack_explorer (0.4.9.2)
      binding_of_caller (>= 0.7)
      pry (>= 0.9.11)
    rack (1.5.2)
    rack-protection (1.5.3)
      rack
    rack-test (0.6.2)
      rack (>= 1.0)
    rake (10.4.2)
    require_all (1.3.2)
    rest-client (1.8.0)
      http-cookie (>= 1.0.2, < 2.0)
      mime-types (>= 1.16, < 3.0)
      netrc (~> 0.7)
    ripl (0.7.0)
      bond (~> 0.4.2)
    ripl-multi_line (0.3.1)
      ripl (>= 0.3.6)
    ripl-rack (0.2.1)
      rack (>= 1.0)
      rack-test (~> 0.6.2)
      ripl (>= 0.7.0)
    rspec (2.14.1)
      rspec-core (~> 2.14.0)
      rspec-expectations (~> 2.14.0)
      rspec-mocks (~> 2.14.0)
    rspec-core (2.14.8)
    rspec-expectations (2.14.5)
      diff-lcs (>= 1.1.3, < 2.0)
    rspec-mocks (2.14.6)
    rspec_junit_formatter (0.2.0)
      builder (< 4)
      rspec (>= 2, < 4)
      rspec-core (!= 2.12.0)
    shotgun (0.9)
      rack (>= 1.0)
    simple_command (0.0.9)
    sinatra (1.4.5)
      rack (~> 1.4)
      rack-protection (~> 1.4)
      tilt (~> 1.3, >= 1.3.4)
    slop (3.6.0)
    stoplight (1.4.0)
      concurrent-ruby (~> 1.0)
    thread_safe (0.3.4)
    tilt (1.4.1)
    tilt-jbuilder (0.6.0)
      jbuilder
      tilt (<= 1.5.0)
    tux (0.3.0)
      ripl (>= 0.3.5)
      ripl-multi_line (>= 0.2.4)
      ripl-rack (>= 0.2.0)
      sinatra (>= 1.2.1)
    tzinfo (1.2.2)
      thread_safe (~> 0.1)
    unf (0.1.4)
      unf_ext
    unf_ext (0.0.7.2)

PLATFORMS
  ruby

DEPENDENCIES
  awesome_print
  bson_ext
  c_cloud_dms_client!
  c_cloud_http_client!
  care_cloud-queue (~> 0.0.2)!
  care_cloud-storage (~> 0.0.9)!
  cc_auth (~> 0.8.0)
  chronic
  color
  dalli-elasticache (~> 0.2.0)
  dotenv
  fdb_client (~> 0.2)!
  health_check (= 0.3.3)!
  json
  log4r
  mongo_mapper
  newrelic_rpm (~> 3.12.0.288)
  oj (~> 2.10.0)
  pry
  pry-byebug
  pry-rescue
  pry-stack_explorer
  rack-test
  rake
  require_all
  rest-client
  rspec (~> 2.14)
  rspec_junit_formatter
  shotgun
  simple_command
  sinatra
  stoplight (~> 1.1)
  tilt-jbuilder (>= 0.4.0)
  tux
  tzinfo

BUNDLED WITH
   1.16.0
