PATH
  remote: ./vendor/gems
  specs:
    c_cloud_dms_client (0.1.1)
      c_cloud_http_client
    c_cloud_http_client (0.1.0)

GEM
  remote: http://rubygems.org/
  remote: http://gem.carecloud.com/
  specs:
    activemodel (3.2.17)
      activesupport (= 3.2.17)
      builder (~> 3.0.0)
    activesupport (3.2.17)
      i18n (~> 0.6, >= 0.6.4)
      multi_json (~> 1.0)
    aws-sdk (2.0.39)
      aws-sdk-resources (= 2.0.39)
    aws-sdk-core (2.0.39)
      builder (~> 3.0)
      jmespath (~> 1.0)
      multi_json (~> 1.0)
    aws-sdk-resources (2.0.39)
      aws-sdk-core (= 2.0.39)
    bond (0.4.3)
    bson (1.10.0)
    bson_ext (1.10.0)
      bson (~> 1.10.0)
    builder (3.0.4)
    care_cloud-core (0.0.8)
      aws-sdk (~> 2.0.39)
    care_cloud-queue (0.0.2)
      care_cloud-core (~> 0.0.8)
    care_cloud-storage (0.0.9)
      care_cloud-core (~> 0.0.8)
    cc_auth (0.0.4.9)
      faraday
    chronic (0.10.2)
    coderay (1.1.0)
    color (1.5.1)
    dalli (2.7.0)
    diff-lcs (1.2.5)
    faraday (0.9.0)
      multipart-post (>= 1.2, < 3)
    health_check (0.3.3)
    i18n (0.6.9)
    jbuilder (2.2.6)
      activesupport (>= 3.0.0, < 5)
      multi_json (~> 1.2)
    jmespath (1.0.2)
      multi_json (~> 1.0)
    json (1.8.1)
    log4r (1.1.10)
    method_source (0.8.2)
    mime-types (2.2)
    mongo (1.10.0)
      bson (~> 1.10.0)
    mongo_mapper (0.12.0)
      activemodel (~> 3.0)
      activesupport (~> 3.0)
      plucky (~> 0.5.2)
    multi_json (1.9.2)
    multipart-post (2.0.0)
    newrelic_rpm (3.6.3.111)
    plucky (0.5.2)
      mongo (~> 1.5)
    pry (0.10.1)
      coderay (~> 1.1.0)
      method_source (~> 0.8.1)
      slop (~> 3.4)
    rack (1.5.2)
    rack-protection (1.5.3)
      rack
    rack-test (0.6.2)
      rack (>= 1.0)
    redcarpet (3.2.2)
    require_all (1.3.2)
    rest-client (1.6.7)
      mime-types (>= 1.16)
    ripl (0.7.0)
      bond (~> 0.4.2)
    ripl-multi_line (0.3.1)
      ripl (>= 0.3.6)
    ripl-rack (0.2.1)
      rack (>= 1.0)
      rack-test (~> 0.6.2)
      ripl (>= 0.7.0)
    rspec (2.14.1)
      rspec-core (~> 2.14.0)
      rspec-expectations (~> 2.14.0)
      rspec-mocks (~> 2.14.0)
    rspec-core (2.14.8)
    rspec-expectations (2.14.5)
      diff-lcs (>= 1.1.3, < 2.0)
    rspec-mocks (2.14.6)
    shotgun (0.9)
      rack (>= 1.0)
    sinatra (1.4.5)
      rack (~> 1.4)
      rack-protection (~> 1.4)
      tilt (~> 1.3, >= 1.3.4)
    slop (3.6.0)
    thread_safe (0.3.4)
    tilt (1.4.1)
    tilt-jbuilder (0.6.0)
      jbuilder
      tilt (<= 1.5.0)
    tux (0.3.0)
      ripl (>= 0.3.5)
      ripl-multi_line (>= 0.2.4)
      ripl-rack (>= 0.2.0)
      sinatra (>= 1.2.1)
    tzinfo (1.2.2)
      thread_safe (~> 0.1)

PLATFORMS
  ruby

DEPENDENCIES
  aws-sdk (~> 2.0.39)
  bson_ext
  c_cloud_dms_client!
  c_cloud_http_client!
  care_cloud-queue (~> 0.0.2)
  care_cloud-storage (~> 0.0.9)
  cc_auth
  chronic
  color
  dalli (~> 2.6)
  health_check (= 0.3.3)
  json
  log4r
  mongo_mapper
  newrelic_rpm (~> 3.6.3.111)
  pry
  rack-test
  redcarpet
  require_all
  rest-client
  rspec (~> 2.14)
  shotgun
  sinatra
  tilt-jbuilder (>= 0.4.0)
  tux
  tzinfo
