PATH
  remote: ./vendor/bundle
  specs:
    c_cloud_dms_client (0.1.1)
      c_cloud_http_client
    c_cloud_http_client (0.1.0)
    health_check (0.2.0)

GEM
  remote: http://rubygems.org/
  remote: http://gem.carecloud.com/
  specs:
    activemodel (3.2.17)
      activesupport (= 3.2.17)
      builder (~> 3.0.0)
    activesupport (3.2.17)
      i18n (~> 0.6, >= 0.6.4)
      multi_json (~> 1.0)
    bond (0.4.3)
    bson (1.10.0)
    bson_ext (1.10.0)
      bson (~> 1.10.0)
    builder (3.0.4)
    cc_auth (0.0.3)
      faraday
    color (1.5.1)
    dalli (2.7.0)
    diff-lcs (1.2.5)
    faraday (0.9.0)
      multipart-post (>= 1.2, < 3)
    i18n (0.6.9)
    json (1.8.1)
    log4r (1.1.10)
    mime-types (2.2)
    mongo (1.10.0)
      bson (~> 1.10.0)
    mongo_mapper (0.12.0)
      activemodel (~> 3.0)
      activesupport (~> 3.0)
      plucky (~> 0.5.2)
    multi_json (1.9.2)
    multipart-post (2.0.0)
    newrelic_rpm (3.6.3.111)
    plucky (0.5.2)
      mongo (~> 1.5)
    rack (1.5.2)
    rack-protection (1.5.3)
      rack
    rack-test (0.6.2)
      rack (>= 1.0)
    require_all (1.3.2)
    rest-client (1.6.7)
      mime-types (>= 1.16)
    ripl (0.7.0)
      bond (~> 0.4.2)
    ripl-multi_line (0.3.1)
      ripl (>= 0.3.6)
    ripl-rack (0.2.1)
      rack (>= 1.0)
      rack-test (~> 0.6.2)
      ripl (>= 0.7.0)
    rspec (2.14.1)
      rspec-core (~> 2.14.0)
      rspec-expectations (~> 2.14.0)
      rspec-mocks (~> 2.14.0)
    rspec-core (2.14.8)
    rspec-expectations (2.14.5)
      diff-lcs (>= 1.1.3, < 2.0)
    rspec-mocks (2.14.6)
    sinatra (1.4.5)
      rack (~> 1.4)
      rack-protection (~> 1.4)
      tilt (~> 1.3, >= 1.3.4)
    tilt (1.4.1)
    tux (0.3.0)
      ripl (>= 0.3.5)
      ripl-multi_line (>= 0.2.4)
      ripl-rack (>= 0.2.0)
      sinatra (>= 1.2.1)

PLATFORMS
  ruby

DEPENDENCIES
  bson_ext
  c_cloud_dms_client!
  c_cloud_http_client!
  cc_auth
  color
  dalli (~> 2.6)
  health_check!
  json
  log4r
  mongo_mapper
  newrelic_rpm (~> 3.6.3.111)
  rack-test
  require_all
  rest-client
  rspec
  sinatra
  tux
